GEM
  remote: https://rubygems.org/
  specs:
    filewatcher (0.5.3)
      trollop (~> 2.0)
    trollop (2.1.2)

PLATFORMS
  x64-mingw32

DEPENDENCIES
  filewatcher

BUNDLED WITH
   1.11.2
